GEM
  remote: http://rubygems.org/
  remote: http://gems.github.com/
  specs:
    SystemTimer (1.2.1)
    crack (0.1.8)
    daemons (1.1.0)
    eventmachine (0.12.10)
    httpclient (2.1.5.2)
    json (1.4.6)
    kgio (2.0.0)
    libxml-ruby (1.1.4)
    rack (1.2.1)
    rake (0.8.7)
    ratom (0.6.7)
      libxml-ruby (>= 1.1.2)
    ruby-hmac (0.4.0)
    sequel (3.17.0)
    sinatra (1.1.0)
      rack (~> 1.1)
      tilt (~> 1.1)
    sqlite3-ruby (1.3.2)
    thin (1.2.7)
      daemons (>= 1.0.9)
      eventmachine (>= 0.12.6)
      rack (>= 1.0.0)
    tilt (1.1)
    unicorn (3.0.0)
      kgio (~> 2.0.0)
      rack

PLATFORMS
  ruby

DEPENDENCIES
  SystemTimer
  crack
  eventmachine
  httpclient
  json
  rake
  ratom
  ruby-hmac
  sequel
  sinatra
  sqlite3-ruby
  thin
  unicorn
