GEM
  remote: http://rubygems.org/
  remote: http://gems.github.com/
  specs:
    SystemTimer (1.2.3)
    crack (0.3.1)
    daemons (1.1.4)
    eventmachine (0.12.10)
    httpclient (2.2.3)
    json (1.6.3)
    kgio (2.6.0)
    libxml-ruby (1.1.3)
    rack (1.3.5)
    rack-protection (1.1.4)
      rack
    raindrops (0.8.0)
    rake (0.9.2.2)
    ratom (0.6.10)
      libxml-ruby (>= 1.1.2)
    ruby-hmac (0.4.0)
    sequel (3.30.0)
    sinatra (1.3.1)
      rack (~> 1.3, >= 1.3.4)
      rack-protection (~> 1.1, >= 1.1.2)
      tilt (~> 1.3, >= 1.3.3)
    sqlite3 (1.3.5)
    sqlite3-ruby (1.3.3)
      sqlite3 (>= 1.3.3)
    thin (1.3.1)
      daemons (>= 1.0.9)
      eventmachine (>= 0.12.6)
      rack (>= 1.0.0)
    tilt (1.3.3)
    unicorn (4.1.1)
      kgio (~> 2.4)
      rack
      raindrops (~> 0.6)

PLATFORMS
  ruby

DEPENDENCIES
  SystemTimer
  crack
  eventmachine
  httpclient
  json
  libxml-ruby
  rake
  ratom
  ruby-hmac
  sequel
  sinatra
  sqlite3-ruby
  thin
  unicorn
